GIT
  remote: git://github.com/cardinalblue/rest-core.git
  revision: baacda4e37d63ed92f43fb1eb05f52bf8d893291
  specs:
    rest-core (2.0.0)
      rest-client

GEM
  remote: https://rubygems.org/
  specs:
    activemodel (3.2.11)
      activesupport (= 3.2.11)
      builder (~> 3.0.0)
    activerecord (3.2.11)
      activemodel (= 3.2.11)
      activesupport (= 3.2.11)
      arel (~> 3.0.2)
      tzinfo (~> 0.3.29)
    activesupport (3.2.11)
      i18n (~> 0.6)
      multi_json (~> 1.0)
    arel (3.0.2)
    builder (3.0.4)
    dalli (2.3.0)
    i18n (0.6.1)
    kgio (2.7.4)
    mime-types (1.19)
    multi_json (1.5.0)
    rack (1.4.1)
    rainbows (4.4.1)
      kgio (~> 2.5)
      rack (~> 1.1)
      unicorn (~> 4.1)
    raindrops (0.10.0)
    rest-client (1.6.7)
      mime-types (>= 1.16)
    tzinfo (0.3.35)
    unicorn (4.4.0)
      kgio (~> 2.6)
      rack
      raindrops (~> 0.7)
    zbatery (4.1.2)
      rainbows (~> 4.3)

PLATFORMS
  ruby

DEPENDENCIES
  activerecord
  dalli
  rest-core!
  zbatery
